{
	"Manufacturer": "GE MEDICAL SYSTEMS",
	"ManufacturersModelName": "Signa HDxt",
	"DeviceSerialNumber": "244.141 ",
	"StationName": "GE MEDICAL SYSTEMS",
	"SoftwareVersions": "15LXMR Software release:15.0_M4A_0947.a ",
	"HardcopyDeviceSoftwareVersion": "n/a",
	"MagneticFieldStrength": 3.00000,
	"ReceiveCoilName": "8HRBRAIN",
	"ReceiveCoilActiveElements": "n/a",
	"GradientSetType": "n/a",
	"MRTransmitCoilSequence": "n/a",
	"MatrixCoilMode": "n/a",
	"CoilCombinationMethod": "n/a",
	"PulseSequenceType": "n/a",
	"ScanningSequence": "RM",
	"SequenceVariant": "NONE",
	"ScanOptions": "ACC_GEMS",
	"SequenceName": "n/a",
	"PulseSequenceDetails": "n/a",
	"NonLinearGradientCorrection": false,
	"NumberShots": 0,
	"ParallelReductionFactorInPlane": 0.00000,
	"ParallelAcquisitionTechnique": "n/a",
	"PartialFourier": 0.00000,
	"PartialFourierDirection": "n/a",
	"PhaseEncodingDirection": "j",
	"EffectiveEchospacing": 0.00000,
	"TotalReadoutTime": 0.00000,
	"EchoTime": 0.00273600,
	"InversionTime": 0.725000,
	"SliceEncodingDirection": "k",
	"DwellTime": 1.82857e-05,
	"NumberOfvolumesDiscardedByScanner": 0,
	"NumberOfVolumesDiscardedByUser": 0,
	"DelayTime": 0.00000,
	"DelayAfterTrigger": 0.00000,
	"FlipAngle": 12.0000,
	"NegativeContrast": false,
	"MultibandAccelerationFactor": 0.00000,
	"AnatomicalLandmarkCoordinates": "n/a",
	"InstitutionName": "GE MEDICAL SYSTEMS",
	"InstitutionAddress": "n/a",
	"InstitutionDepartmentName": "n/a"
}
