{
	"TaskName": "sleep_20170309_0051",
	"InstitutionName": "Advanced MRI section, LFMI, NINDS, National Institutes fo Health",
	"InstitutionAddress": "Bldg 10, Rm B1D-728, 9000 Rockville Pk, Bethesda, MD 20896, USA",
	"Manufacturer": "BrainVision",
	"ManufacturersModelName": "n/a",
	"SoftwareVersions": ["1.20.0801"],
	"TaskDescription": "n/a",
	"Instructions": "n/a",
	"CogAtlasID": "n/a",
	"CogPOID": "n/a",
	"DeviceSerialNumber": "n/a",
	"EEGReference": "n/a",
	"SamplingFrequency": 5000.0000,
	"PowerLineFrequency": 60.000000,
	"SoftwareFilters": {
		"filter??????????": "Disabled"
	},
	"CapManufacturer": "n/a",
	"CapManufacturersModelName": "n/a",
	"EEGChannelCount": -1,
	"ECGChannelCount": -1,
	"EMGChannelCount": -1,
	"EOGChannelCount": -1,
	"MiscChannelCount": -1,
	"TriggerChannelCount": -1,
	"RecordingDuration": 2490.8000,
	"RecordingType": "continuous",
	"EEGGround": "n/a",
	"HeadCircumference": -1.0000000,
	"EEGPlacementScheme": "n/a",
	"HardwareFilters": "n/a",
	"SubjectArtefactDescription": "n/a"
}
