{
	"TaskName": "sleep20160922T0035",
	"InstitutionName": "Advanced MRI section, LFMI, NINDS, National Institutes of Health",
	"InstitutionAddress": "Bldg 10, Rm B1D-728, 9000 Rockville Pk, Bethesda, MD 20896, USA",
	"Manufacturer": "BrainVision",
	"ManufacturersModelName": "n/a",
	"SoftwareVersions": "1.20.0801",
	"TaskDescription": "n/a",
	"Instructions": "n/a",
	"CogAtlasID": "n/a",
	"CogPOID": "n/a",
	"DeviceSerialNumber": "n/a",
	"EEGReference": "FCz",
	"SamplingFrequency": 5000,
	"PowerLineFrequency": 60,
	"SoftwareFilters": "n/a",
	"CapManufacturer": "BrainVision",
	"CapManufacturersModelName": "n/a",
	"EEGChannelCount": 63,
	"ECGChannelCount": 1,
	"EMGChannelCount": 1,
	"EOGChannelCount": 0,
	"MiscChannelCount": 0,
	"TriggerChannelCount": 1,
	"RecordingDuration": 1471.9200,
	"RecordingType": "continuous",
	"EEGGround": "AFz",
	"EEGPlacementScheme": "n/a",
	"HardwareFilters": "n/a",
	"SubjectArtefactDescription": "n/a"
}
