{
	"Manufacturer": "GE MEDICAL SYSTEMS",
	"ManufacturersModelName": "Signa HDxt",
	"DeviceSerialNumber": "162.773 ",
	"StationName": "GE MEDICAL SYSTEMS",
	"SoftwareVersions": "15\LX\MR Software release:15.0_M4A_0947.a ",
	"HardcopyDeviceSoftwareVersion": "n/a",
	"MagneticFieldStrength": 3.00000,
	"ReceiveCoilName": "8HRBRAIN",
	"ReceiveCoilActiveElements": "n/a",
	"GradientSetType": "n/a",
	"MRTransmitCoilSequence": "n/a",
	"MatrixCoilMode": "n/a",
	"CoilCombinationMethod": "n/a",
	"PulseSequenceType": "n/a",
	"ScanningSequence": "SE\IR ",
	"SequenceVariant": "SK",
	"ScanOptions": "FAST_GEMS\FC_SLICE_AX_GEMS\FC\TRF_GEMS",
	"SequenceName": "n/a",
	"PulseSequenceDetails": "n/a",
	"NonlinearGradientCorrection": "false",
	"NumberShots": 0,
	"ParallelReductionFactorInPlane": 0.00000,
	"ParallelAcquisitionTechnique": "n/a",
	"PartialFourier": 0.00000,
	"PartialFourierDirection": "n/a",
	"PhaseEncodingDirection": "n/a",
	"EffectiveEchospacing": 0.00000,
	"TotalReadoutTime": 0.00000,
	"EchoTime": 0.125860,
	"InversionTime": 2.20000,
	"SliceTiming": 0.00000,
	"SliceEncodingDirection": "n/a",
	"DwellTime": 0.00000,
	"NumberOfvolumesDiscardedByScanner": 0,
	"NumberOfVolumesDiscardedByUser": 0,
	"DelayTime": 0.00000,
	"AcquisitionDuration": 0.00000,
	"DelayAfterTrigger": 0.00000,
	"FlipAngle": 90.0000,
	"NegativeContrast": "false",
	"MultibandAccelerationFactor": 0.00000,
	"AnatomicalLandmarkCoordinates": "n/a",
	"InstitutionName": "GE MEDICAL SYSTEMS",
	"InstitutionAddress": "n/a",
	"InstitutionDepartmentName": "n/a",
	"ContrastBolusIngredient": "n/a"
}
