{
	"Manufacturer": "SIEMENS ",
	"ManufacturersModelName": "n/a",
	"DeviceSerialNumber": "345 ",
	"StationName": "SIEMENS ",
	"SoftwareVersions": "syngo MR D13",
	"HardcopyDeviceSoftwareVersion": "n/a",
	"MagneticFieldStrength": 3.00000,
	"ReceiveCoilName": "n/a",
	"ReceiveCoilActiveElements": "n/a",
	"GradientSetType": "n/a",
	"MRTransmitCoilSequence": "n/a",
	"MatrixCoilMode": "n/a",
	"CoilCombinationMethod": "n/a",
	"PulseSequenceType": "n/a",
	"ScanningSequence": "SE",
	"SequenceVariant": "SP\OSP",
	"ScanOptions": "SP\OSP",
	"SequenceName": "*se2d1",
	"PulseSequenceDetails": "n/a",
	"NonlinearGradientCorrection": "false",
	"NumberShots": 0,
	"ParallelReductionFactorInPlane": 0.00000,
	"ParallelAcquisitionTechnique": "n/a",
	"PartialFourier": 0.00000,
	"PartialFourierDirection": "n/a",
	"PhaseEncodingDirection": "n/a",
	"EffectiveEchospacing": 0.00000,
	"TotalReadoutTime": 0.00000,
	"EchoTime": 0.00890000,
	"InversionTime": 0.00000,
	"SliceTiming": 0.00000,
	"SliceEncodingDirection": "n/a",
	"DwellTime": 4.50000e-06,
	"NumberOfvolumesDiscardedByScanner": 0,
	"NumberOfVolumesDiscardedByUser": 0,
	"DelayTime": 0.00000,
	"AcquisitionDuration": 0.00000,
	"DelayAfterTrigger": 0.00000,
	"FlipAngle": 75.0000,
	"NegativeContrast": "false",
	"MultibandAccelerationFactor": 0.00000,
	"AnatomicalLandmarkCoordinates": "n/a",
	"InstitutionName": "SIEMENS ",
	"InstitutionAddress": "SIEMENS ",
	"InstitutionDepartmentName": "n/a",
	"ContrastBolusIngredient": "n/a"
}
