{
	"Manufacturer": "SIEMENS ",
	"ManufacturersModelName": "Skyra ",
	"DeviceSerialNumber": "45155 ",
	"StationName": "AWP45155",
	"SoftwareVersions": "syngo MR D13",
	"HardcopyDeviceSoftwareVersion": "n/a",
	"MagneticFieldStrength": 3.00000,
	"ReceiveCoilName": "HeadNeck_20",
	"ReceiveCoilActiveElements": "16",
	"GradientSetType": "n/a",
	"MRTransmitCoilSequence": "Body (#elements=1)",
	"MatrixCoilMode": "n/a",
	"CoilCombinationMethod": "n/a",
	"PulseSequenceType": "n/a",
	"ScanningSequence": "EP",
	"SequenceVariant": "SK",
	"ScanOptions": "SK",
	"SequenceName": "epfid2d1_72 ",
	"PulseSequenceDetails": "%CustomerSeq%/dezwart\amri_ep2d_bold",
	"NonlinearGradientCorrection": "false",
	"NumberShots": 0,
	"ParallelReductionFactorInPlane": 0.00000,
	"ParallelAcquisitionTechnique": "n/a",
	"PartialFourier": 0.00000,
	"PartialFourierDirection": "n/a",
	"PhaseEncodingDirection": "n/a",
	"EffectiveEchospacing": 0.00000,
	"TotalReadoutTime": 0.00000,
	"EchoTime": 0.0360000,
	"InversionTime": 0.00000,
	"SliceTiming": 0.00000,
	"SliceEncodingDirection": "n/a",
	"DwellTime": 5.10000e-06,
	"NumberOfvolumesDiscardedByScanner": 0,
	"NumberOfVolumesDiscardedByUser": 0,
	"DelayTime": 0.00000,
	"AcquisitionDuration": 0.00000,
	"DelayAfterTrigger": 0.00000,
	"FlipAngle": 90.0000,
	"NegativeContrast": "false",
	"MultibandAccelerationFactor": 0.00000,
	"AnatomicalLandmarkCoordinates": "n/a",
	"InstitutionName": "NIH NMRF",
	"InstitutionAddress": "Rockville Pike 9000,Bethesda,MD,US,20892",
	"InstitutionDepartmentName": "NMR Research",
	"RepetitionTime": 3.00000,
	"VolumeTiming": "[]",
	"TaskName": "motion",
	"Instructions": "n/a",
	"TaskDescription": "n/a",
	"CogAtlasID": "n/a",
	"CogPOID": "n/a"
}
