{
	"Manufacturer": "SIEMENS ",
	"ManufacturersModelName": "n/a",
	"DeviceSerialNumber": "305 ",
	"StationName": "SIEMENS ",
	"SoftwareVersions": "syngo MR D13",
	"HardcopyDeviceSoftwareVersion": "n/a",
	"MagneticFieldStrength": 3.00000,
	"ReceiveCoilName": "n/a",
	"ReceiveCoilActiveElements": "n/a",
	"GradientSetType": "n/a",
	"MRTransmitCoilSequence": "n/a",
	"MatrixCoilMode": "n/a",
	"CoilCombinationMethod": "n/a",
	"PulseSequenceType": "n/a",
	"ScanningSequence": "SE",
	"SequenceVariant": "SKSPOSP ",
	"ScanOptions": "SKSPOSP ",
	"SequenceName": "*tseR2d1_23 ",
	"PulseSequenceDetails": "n/a",
	"NonLinearGradientCorrection": false,
	"NumberShots": 0,
	"ParallelReductionFactorInPlane": 0.00000,
	"ParallelAcquisitionTechnique": "n/a",
	"PartialFourier": 0.00000,
	"PartialFourierDirection": "n/a",
	"PhaseEncodingDirection": "j",
	"EffectiveEchospacing": 0.00000,
	"TotalReadoutTime": 0.00000,
	"EchoTime": 0.0860000,
	"SliceEncodingDirection": "k",
	"DwellTime": 0.00000,
	"NumberOfvolumesDiscardedByScanner": 0,
	"NumberOfVolumesDiscardedByUser": 0,
	"DelayTime": 0.00000,
	"DelayAfterTrigger": 0.00000,
	"FlipAngle": 120.000,
	"NegativeContrast": false,
	"MultibandAccelerationFactor": 0.00000,
	"AnatomicalLandmarkCoordinates": "n/a",
	"InstitutionName": "SIEMENS ",
	"InstitutionAddress": "SIEMENS ",
	"InstitutionDepartmentName": "n/a"
}
