{
	"Manufacturer": "GE MEDICAL SYSTEMS",
	"ManufacturersModelName": "DISCOVERY MR750 ",
	"DeviceSerialNumber": "195.312 ",
	"StationName": "GE MEDICAL SYSTEMS",
	"SoftwareVersions": "23\LX\MR Software release:DV22.0_V02_1122.a ",
	"HardcopyDeviceSoftwareVersion": "n/a",
	"MagneticFieldStrength": 3.00000,
	"ReceiveCoilName": "32Ch Head ",
	"ReceiveCoilActiveElements": "n/a",
	"GradientSetType": "n/a",
	"MRTransmitCoilSequence": "n/a",
	"MatrixCoilMode": "n/a",
	"CoilCombinationMethod": "n/a",
	"PulseSequenceType": "n/a",
	"ScanningSequence": "RM",
	"SequenceVariant": "NONE",
	"ScanOptions": "FILTERED_GEMS\ACC_GEMS",
	"SequenceName": "n/a",
	"PulseSequenceDetails": "n/a",
	"NonlinearGradientCorrection": "false",
	"NumberShots": 0,
	"ParallelReductionFactorInPlane": 0.00000,
	"ParallelAcquisitionTechnique": "n/a",
	"PartialFourier": 0.00000,
	"PartialFourierDirection": "n/a",
	"PhaseEncodingDirection": "n/a",
	"EffectiveEchospacing": 0.00000,
	"TotalReadoutTime": 0.00000,
	"EchoTime": 0.00342000,
	"InversionTime": 0.425000,
	"SliceTiming": 0.00000,
	"SliceEncodingDirection": "n/a",
	"DwellTime": 0.00000,
	"NumberOfvolumesDiscardedByScanner": 0,
	"NumberOfVolumesDiscardedByUser": 0,
	"DelayTime": 0.00000,
	"AcquisitionDuration": 0.00000,
	"DelayAfterTrigger": 0.00000,
	"FlipAngle": 7.00000,
	"NegativeContrast": "false",
	"MultibandAccelerationFactor": 0.00000,
	"AnatomicalLandmarkCoordinates": "n/a",
	"InstitutionName": "GE MEDICAL SYSTEMS",
	"InstitutionAddress": "n/a",
	"InstitutionDepartmentName": "n/a",
	"ContrastBolusIngredient": "n/a"
}
